GIT
  remote: https://github.com/dorianmariecom/importmap-rails
  revision: 525ba810bf5b3cc47cdaf3e7af56c1e6addfc885
  specs:
    importmap-rails (2.0.1)
      actionpack (>= 6.0.0)
      activesupport (>= 6.0.0)
      railties (>= 6.0.0)

GIT
  remote: https://github.com/dorianmariecom/solid_errors
  revision: e94ada54c3c67e24620ed30b71e1df38551f3a21
  specs:
    solid_errors (0.4.3)
      rails

GIT
  remote: https://github.com/rails/mission_control-jobs
  revision: 7f71ec89b6213361e29dbc985495b5b8f473d995
  specs:
    mission_control-jobs (0.3.1)
      importmap-rails
      irb (~> 1.13)
      propshaft
      rails (>= 7.1)
      stimulus-rails
      turbo-rails

GIT
  remote: https://github.com/rails/rails
  revision: c1d04cc092003d990061a6640a8ac5b469a852c5
  specs:
    actioncable (8.0.0.alpha)
      actionpack (= 8.0.0.alpha)
      activesupport (= 8.0.0.alpha)
      nio4r (~> 2.0)
      websocket-driver (>= 0.6.1)
      zeitwerk (~> 2.6)
    actionmailbox (8.0.0.alpha)
      actionpack (= 8.0.0.alpha)
      activejob (= 8.0.0.alpha)
      activerecord (= 8.0.0.alpha)
      activestorage (= 8.0.0.alpha)
      activesupport (= 8.0.0.alpha)
      mail (>= 2.8.0)
    actionmailer (8.0.0.alpha)
      actionpack (= 8.0.0.alpha)
      actionview (= 8.0.0.alpha)
      activejob (= 8.0.0.alpha)
      activesupport (= 8.0.0.alpha)
      mail (>= 2.8.0)
      rails-dom-testing (~> 2.2)
    actionpack (8.0.0.alpha)
      actionview (= 8.0.0.alpha)
      activesupport (= 8.0.0.alpha)
      nokogiri (>= 1.8.5)
      rack (>= 2.2.4)
      rack-session (>= 1.0.1)
      rack-test (>= 0.6.3)
      rails-dom-testing (~> 2.2)
      rails-html-sanitizer (~> 1.6)
      useragent (~> 0.16)
    actiontext (8.0.0.alpha)
      actionpack (= 8.0.0.alpha)
      activerecord (= 8.0.0.alpha)
      activestorage (= 8.0.0.alpha)
      activesupport (= 8.0.0.alpha)
      globalid (>= 0.6.0)
      nokogiri (>= 1.8.5)
    actionview (8.0.0.alpha)
      activesupport (= 8.0.0.alpha)
      builder (~> 3.1)
      erubi (~> 1.11)
      rails-dom-testing (~> 2.2)
      rails-html-sanitizer (~> 1.6)
    activejob (8.0.0.alpha)
      activesupport (= 8.0.0.alpha)
      globalid (>= 0.3.6)
    activemodel (8.0.0.alpha)
      activesupport (= 8.0.0.alpha)
    activerecord (8.0.0.alpha)
      activemodel (= 8.0.0.alpha)
      activesupport (= 8.0.0.alpha)
      timeout (>= 0.4.0)
    activestorage (8.0.0.alpha)
      actionpack (= 8.0.0.alpha)
      activejob (= 8.0.0.alpha)
      activerecord (= 8.0.0.alpha)
      activesupport (= 8.0.0.alpha)
      marcel (~> 1.0)
    activesupport (8.0.0.alpha)
      base64
      bigdecimal
      concurrent-ruby (~> 1.0, >= 1.3.1)
      connection_pool (>= 2.2.5)
      drb
      i18n (>= 1.6, < 2)
      logger (>= 1.4.2)
      minitest (>= 5.1)
      securerandom (>= 0.3)
      tzinfo (~> 2.0, >= 2.0.5)
    rails (8.0.0.alpha)
      actioncable (= 8.0.0.alpha)
      actionmailbox (= 8.0.0.alpha)
      actionmailer (= 8.0.0.alpha)
      actionpack (= 8.0.0.alpha)
      actiontext (= 8.0.0.alpha)
      actionview (= 8.0.0.alpha)
      activejob (= 8.0.0.alpha)
      activemodel (= 8.0.0.alpha)
      activerecord (= 8.0.0.alpha)
      activestorage (= 8.0.0.alpha)
      activesupport (= 8.0.0.alpha)
      bundler (>= 1.15.0)
      railties (= 8.0.0.alpha)
    railties (8.0.0.alpha)
      actionpack (= 8.0.0.alpha)
      activesupport (= 8.0.0.alpha)
      irb (~> 1.13)
      rackup (>= 1.0.0)
      rake (>= 12.2)
      thor (~> 1.0, >= 1.2.2)
      zeitwerk (~> 2.6)

GEM
  remote: https://rubygems.org/
  specs:
    addressable (2.8.7)
      public_suffix (>= 2.0.2, < 7.0)
    ast (2.4.2)
    base64 (0.2.0)
    bcrypt (3.1.20)
    bcrypt_pbkdf (1.1.1)
    bcrypt_pbkdf (1.1.1-arm64-darwin)
    bcrypt_pbkdf (1.1.1-x86_64-darwin)
    bigdecimal (3.1.8)
    binding_of_caller (1.0.1)
      debug_inspector (>= 1.2.0)
    brakeman (6.2.1)
      racc
    builder (3.3.0)
    bundler-audit (0.9.2)
      bundler (>= 1.2.0, < 3)
      thor (~> 1.0)
    capybara (3.40.0)
      addressable
      matrix
      mini_mime (>= 0.1.3)
      nokogiri (~> 1.11)
      rack (>= 1.6.0)
      rack-test (>= 0.6.3)
      regexp_parser (>= 1.5, < 3.0)
      xpath (~> 3.2)
    code-ruby (0.15.16)
      activesupport
      bigdecimal
      did-you-mean
      dorian-arguments
      json
      language-ruby
      zeitwerk
    coderay (1.1.3)
    concurrent-ruby (1.3.4)
    connection_pool (2.4.1)
    crack (1.0.0)
      bigdecimal
      rexml
    crass (1.0.6)
    csv (3.3.0)
    date (3.3.4)
    debug_inspector (1.2.0)
    did-you-mean (0.1.1)
      levenshtein (>= 0.2.0)
    diff-lcs (1.5.1)
    dorian (0.9.3)
      dorian-all
      dorian-anonymize
      dorian-anonymize-json
      dorian-anonymize-yaml
      dorian-chat
      dorian-commit
      dorian-csv-all
      dorian-csv-each
      dorian-csv-map
      dorian-csv-merge
      dorian-csv-pluck
      dorian-csv-uniq
      dorian-dir
      dorian-dir-and-self
      dorian-dot
      dorian-each
      dorian-git-ls-ruby-files
      dorian-git-tree
      dorian-json-all
      dorian-json-compare
      dorian-json-deep-each
      dorian-json-deep-map
      dorian-json-deep-pluck
      dorian-json-each
      dorian-json-map
      dorian-json-pluck
      dorian-json-read-write
      dorian-json-uniq
      dorian-parallel
      dorian-pretty
      dorian-release
      dorian-rename
      dorian-replace
      dorian-shuffle
      dorian-sort-csv
      dorian-sort-json
      dorian-sort-yaml
      dorian-times
      dorian-top
      dorian-write
      dorian-yaml-all
      dorian-yaml-compare
      dorian-yaml-deep-each
      dorian-yaml-deep-map
      dorian-yaml-deep-pluck
      dorian-yaml-each
      dorian-yaml-map
      dorian-yaml-pluck
      dorian-yaml-read-write
      dorian-yaml-uniq
    dorian-all (0.7.3)
      dorian-arguments
    dorian-anonymize (0.2.3)
      dorian-arguments
    dorian-anonymize-json (0.2.3)
      dorian-arguments
      json
    dorian-anonymize-yaml (0.2.3)
      dorian-arguments
    dorian-arguments (0.4.1)
      activesupport
      bigdecimal
      dorian-to_struct
    dorian-chat (0.0.3)
      dorian-arguments
    dorian-commit (0.4.4)
      dorian-arguments
      git
    dorian-csv-all (0.1.2)
      csv
      dorian-arguments
      dorian-to_struct
    dorian-csv-each (0.4.4)
      csv
      dorian-arguments
      dorian-to_struct
    dorian-csv-map (0.0.3)
      csv
      dorian-arguments
      dorian-to_struct
    dorian-csv-merge (0.0.3)
      csv
      dorian-arguments
    dorian-csv-pluck (0.0.3)
      csv
      dorian-arguments
      dorian-to_struct
    dorian-csv-uniq (0.1.2)
      csv
      dorian-arguments
    dorian-dir (0.5.2)
      dorian-arguments
      git
    dorian-dir-and-self (0.3.2)
      dorian-arguments
      git
    dorian-dot (0.8.0)
      dorian-arguments
      git
    dorian-each (0.4.3)
      dorian-arguments
    dorian-git-ls-ruby-files (0.2.3)
      dorian-arguments
      git
    dorian-git-tree (0.5.3)
      dorian-arguments
      git
    dorian-json-all (0.1.2)
      dorian-arguments
      dorian-to_struct
      json
    dorian-json-compare (0.0.3)
      dorian-arguments
      json
    dorian-json-deep-each (0.0.3)
      dorian-arguments
      dorian-to_struct
      json
    dorian-json-deep-map (0.0.3)
      dorian-arguments
      dorian-to_struct
      json
    dorian-json-deep-pluck (0.0.3)
      dorian-arguments
      json
    dorian-json-each (0.0.3)
      dorian-arguments
      dorian-to_struct
      json
    dorian-json-map (0.0.3)
      dorian-arguments
      dorian-to_struct
      json
    dorian-json-pluck (0.0.3)
      dorian-arguments
      json
    dorian-json-read-write (0.0.3)
      dorian-arguments
      json
    dorian-json-uniq (0.0.3)
      dorian-arguments
      json
    dorian-parallel (0.2.3)
      dorian-arguments
      parallel
    dorian-pretty (0.3.3)
      dorian-arguments
      git
      syntax_tree
    dorian-release (0.2.3)
      dorian-arguments
    dorian-rename (0.0.3)
      dorian-arguments
    dorian-replace (0.5.3)
      dorian-arguments
    dorian-shuffle (0.5.3)
      dorian-arguments
    dorian-sort-csv (0.0.3)
      csv
      dorian-arguments
    dorian-sort-json (0.5.3)
      dorian-arguments
    dorian-sort-yaml (0.4.3)
      dorian-arguments
      yaml
    dorian-times (0.5.3)
      dorian-arguments
    dorian-to_struct (0.5.2)
    dorian-top (0.2.3)
      dorian-arguments
    dorian-write (0.1.2)
      dorian-arguments
    dorian-yaml-all (0.0.3)
      dorian-arguments
      dorian-to_struct
      yaml
    dorian-yaml-compare (0.4.3)
      dorian-arguments
      yaml
    dorian-yaml-deep-each (0.0.3)
      dorian-arguments
      dorian-to_struct
      yaml
    dorian-yaml-deep-map (0.0.3)
      dorian-arguments
      dorian-to_struct
      yaml
    dorian-yaml-deep-pluck (0.0.3)
      dorian-arguments
      yaml
    dorian-yaml-each (0.0.3)
      dorian-arguments
      dorian-to_struct
      yaml
    dorian-yaml-map (0.0.3)
      dorian-arguments
      dorian-to_struct
      yaml
    dorian-yaml-pluck (0.0.3)
      dorian-arguments
      yaml
    dorian-yaml-read-write (0.3.3)
      dorian-arguments
      yaml
    dorian-yaml-uniq (0.0.5)
      dorian-arguments
      yaml
    dotenv (2.8.1)
    dotenv-rails (2.8.1)
      dotenv (= 2.8.1)
      railties (>= 3.2)
    drb (2.2.1)
    ed25519 (1.3.0)
    erubi (1.13.0)
    et-orbi (1.2.11)
      tzinfo
    factory_bot (6.4.6)
      activesupport (>= 5.0.0)
    factory_bot_rails (6.4.3)
      factory_bot (~> 6.4)
      railties (>= 5.0.0)
    faker (3.4.2)
      i18n (>= 1.8.11, < 2)
    fugit (1.11.1)
      et-orbi (~> 1, >= 1.2.11)
      raabro (~> 1.4)
    git (2.1.1)
      activesupport (>= 5.0)
      addressable (~> 2.8)
      process_executer (~> 1.1)
      rchardet (~> 1.8)
    globalid (1.2.1)
      activesupport (>= 6.1)
    hashdiff (1.1.1)
    heroicon (1.0.0)
      rails (>= 5.2)
    hkdf (0.3.0)
    http-2 (0.12.0)
      base64
    i18n (1.14.5)
      concurrent-ruby (~> 1.0)
    interception (0.5)
    io-console (0.7.2)
    irb (1.14.0)
      rdoc (>= 4.0.0)
      reline (>= 0.4.2)
    jbuilder (2.12.0)
      actionview (>= 5.0.0)
      activesupport (>= 5.0.0)
    json (2.7.2)
    jwt (2.8.2)
      base64
    kamal (1.8.1)
      activesupport (>= 7.0)
      base64 (~> 0.2)
      bcrypt_pbkdf (~> 1.0)
      concurrent-ruby (~> 1.2)
      dotenv (~> 2.8)
      ed25519 (~> 1.2)
      net-ssh (~> 7.0)
      sshkit (>= 1.23.0, < 2.0)
      thor (~> 1.2)
      zeitwerk (~> 2.5)
    kaminari (1.2.2)
      activesupport (>= 4.1.0)
      kaminari-actionview (= 1.2.2)
      kaminari-activerecord (= 1.2.2)
      kaminari-core (= 1.2.2)
    kaminari-actionview (1.2.2)
      actionview
      kaminari-core (= 1.2.2)
    kaminari-activerecord (1.2.2)
      activerecord
      kaminari-core (= 1.2.2)
    kaminari-core (1.2.2)
    language-ruby (0.9.3)
      dorian-arguments
      zeitwerk
    language_server-protocol (3.17.0.3)
    levenshtein (0.2.2)
    logger (1.6.0)
    loofah (2.22.0)
      crass (~> 1.0.2)
      nokogiri (>= 1.12.0)
    mail (2.8.1)
      mini_mime (>= 0.1.1)
      net-imap
      net-pop
      net-smtp
    marcel (1.0.4)
    matrix (0.4.2)
    method_source (1.1.0)
    mini_mime (1.1.5)
    minitest (5.25.1)
    multi_json (1.15.0)
    mustermann (3.0.2)
      ruby2_keywords (~> 0.0.1)
    net-http (0.4.1)
      uri
    net-http-persistent (4.0.2)
      connection_pool (~> 2.2)
    net-http2 (0.18.5)
      http-2 (~> 0.11)
    net-imap (0.4.14)
      date
      net-protocol
    net-pop (0.1.2)
      net-protocol
    net-protocol (0.2.2)
      timeout
    net-scp (4.0.0)
      net-ssh (>= 2.6.5, < 8.0.0)
    net-sftp (4.0.0)
      net-ssh (>= 5.0.0, < 8.0.0)
    net-smtp (0.5.0)
      net-protocol
    net-ssh (7.2.3)
    nio4r (2.7.3)
    nokogiri (1.16.7-aarch64-linux)
      racc (~> 1.4)
    nokogiri (1.16.7-arm-linux)
      racc (~> 1.4)
    nokogiri (1.16.7-arm64-darwin)
      racc (~> 1.4)
    nokogiri (1.16.7-x86-linux)
      racc (~> 1.4)
    nokogiri (1.16.7-x86_64-darwin)
      racc (~> 1.4)
    nokogiri (1.16.7-x86_64-linux)
      racc (~> 1.4)
    open-uri (0.4.1)
      stringio
      time
      uri
    optparse (0.5.0)
    parallel (1.26.3)
    parser (3.3.4.2)
      ast (~> 2.4.1)
      racc
    pg (1.5.7)
    phonelib (0.9.1)
    prettier_print (1.2.1)
    process_executer (1.1.0)
    propshaft (0.9.1)
      actionpack (>= 7.0.0)
      activesupport (>= 7.0.0)
      rack
      railties (>= 7.0.0)
    pry (0.14.2)
      coderay (~> 1.1)
      method_source (~> 1.0)
    pry-rescue (1.6.0)
      interception (>= 0.5)
      pry (>= 0.12.0)
    pry-stack_explorer (0.6.1)
      binding_of_caller (~> 1.0)
      pry (~> 0.13)
    psych (5.1.2)
      stringio
    public_suffix (6.0.1)
    puma (6.4.2)
      nio4r (~> 2.0)
    pundit (2.3.2)
      activesupport (>= 3.0.0)
    raabro (1.4.0)
    racc (1.8.1)
    rack (3.1.7)
    rack-attack (6.7.0)
      rack (>= 1.0, < 4)
    rack-protection (4.0.0)
      base64 (>= 0.1.0)
      rack (>= 3.0.0, < 4)
    rack-session (2.0.0)
      rack (>= 3.0.0)
    rack-test (2.1.0)
      rack (>= 1.3)
    rack-timeout (0.7.0)
    rackup (2.1.0)
      rack (>= 3)
      webrick (~> 1.8)
    rails-dom-testing (2.2.0)
      activesupport (>= 5.0.0)
      minitest
      nokogiri (>= 1.6)
    rails-html-sanitizer (1.6.0)
      loofah (~> 2.21)
      nokogiri (~> 1.14)
    rainbow (3.1.1)
    rake (13.2.1)
    rchardet (1.8.0)
    rdoc (6.7.0)
      psych (>= 4.0.0)
    redis (5.3.0)
      redis-client (>= 0.22.0)
    redis-client (0.22.2)
      connection_pool
    regexp_parser (2.9.2)
    reline (0.5.9)
      io-console (~> 0.5)
    rexml (3.3.6)
      strscan
    rpush (7.0.1)
      activesupport (>= 5.2)
      jwt (>= 1.5.6)
      multi_json (~> 1.0)
      net-http-persistent
      net-http2 (~> 0.18, >= 0.18.3)
      railties
      rainbow
      thor (>= 0.18.1, < 2.0)
      webpush (~> 1.0)
    rspec-core (3.13.0)
      rspec-support (~> 3.13.0)
    rspec-expectations (3.13.2)
      diff-lcs (>= 1.2.0, < 2.0)
      rspec-support (~> 3.13.0)
    rspec-mocks (3.13.1)
      diff-lcs (>= 1.2.0, < 2.0)
      rspec-support (~> 3.13.0)
    rspec-rails (6.1.4)
      actionpack (>= 6.1)
      activesupport (>= 6.1)
      railties (>= 6.1)
      rspec-core (~> 3.13)
      rspec-expectations (~> 3.13)
      rspec-mocks (~> 3.13)
      rspec-support (~> 3.13)
    rspec-support (3.13.1)
    rubocop (1.65.1)
      json (~> 2.3)
      language_server-protocol (>= 3.17.0)
      parallel (~> 1.10)
      parser (>= 3.3.0.2)
      rainbow (>= 2.2.2, < 4.0)
      regexp_parser (>= 2.4, < 3.0)
      rexml (>= 3.2.5, < 4.0)
      rubocop-ast (>= 1.31.1, < 2.0)
      ruby-progressbar (~> 1.7)
      unicode-display_width (>= 2.4.0, < 3.0)
    rubocop-ast (1.32.1)
      parser (>= 3.3.1.0)
    rubocop-minitest (0.35.1)
      rubocop (>= 1.61, < 2.0)
      rubocop-ast (>= 1.31.1, < 2.0)
    rubocop-performance (1.21.1)
      rubocop (>= 1.48.1, < 2.0)
      rubocop-ast (>= 1.31.1, < 2.0)
    rubocop-rails (2.25.1)
      activesupport (>= 4.2.0)
      rack (>= 1.1)
      rubocop (>= 1.33.0, < 2.0)
      rubocop-ast (>= 1.31.1, < 2.0)
    rubocop-rails-omakase (1.0.0)
      rubocop
      rubocop-minitest
      rubocop-performance
      rubocop-rails
    ruby-progressbar (1.13.0)
    ruby2_keywords (0.0.5)
    rubyzip (2.3.2)
    securerandom (0.3.1)
    selenium-webdriver (4.23.0)
      base64 (~> 0.2)
      logger (~> 1.4)
      rexml (~> 3.2, >= 3.2.5)
      rubyzip (>= 1.2.2, < 3.0)
      websocket (~> 1.0)
    sinatra (4.0.0)
      mustermann (~> 3.0)
      rack (>= 3.0.0, < 4)
      rack-protection (= 4.0.0)
      rack-session (>= 2.0.0, < 3)
      tilt (~> 2.0)
    slim (5.2.1)
      temple (~> 0.10.0)
      tilt (>= 2.1.0)
    slim-rails (3.6.3)
      actionpack (>= 3.1)
      railties (>= 3.1)
      slim (>= 3.0, < 6.0, != 5.0.0)
    solid_queue (0.6.0)
      activejob (>= 7.1)
      activerecord (>= 7.1)
      concurrent-ruby (>= 1.3.1)
      fugit (~> 1.11.0)
      railties (>= 7.1)
    sshkit (1.23.0)
      base64
      net-scp (>= 1.1.2)
      net-sftp (>= 2.1.2)
      net-ssh (>= 2.8.0)
    stimulus-rails (1.3.4)
      railties (>= 6.0.0)
    stringio (3.1.1)
    strscan (3.1.0)
    syntax_tree (6.2.0)
      prettier_print (>= 1.2.0)
    tailwindcss-rails (2.7.3)
      railties (>= 7.0.0)
    tailwindcss-rails (2.7.3-aarch64-linux)
      railties (>= 7.0.0)
    tailwindcss-rails (2.7.3-arm-linux)
      railties (>= 7.0.0)
    tailwindcss-rails (2.7.3-arm64-darwin)
      railties (>= 7.0.0)
    tailwindcss-rails (2.7.3-x86_64-darwin)
      railties (>= 7.0.0)
    tailwindcss-rails (2.7.3-x86_64-linux)
      railties (>= 7.0.0)
    temple (0.10.3)
    thor (1.3.1)
    tilt (2.4.0)
    time (0.3.0)
      date
    timecop (0.9.10)
    timeout (0.4.1)
    turbo-rails (2.0.6)
      actionpack (>= 6.0.0)
      activejob (>= 6.0.0)
      railties (>= 6.0.0)
    tzinfo (2.0.6)
      concurrent-ruby (~> 1.0)
    unicode-display_width (2.5.0)
    uri (0.13.0)
    useragent (0.16.10)
    webmock (3.23.1)
      addressable (>= 2.8.0)
      crack (>= 0.3.2)
      hashdiff (>= 0.4.0, < 2.0.0)
    webpush (1.1.0)
      hkdf (~> 0.2)
      jwt (~> 2.0)
    webrick (1.8.1)
    websocket (1.2.11)
    websocket-driver (0.7.6)
      websocket-extensions (>= 0.1.0)
    websocket-extensions (0.1.5)
    xpath (3.2.0)
      nokogiri (~> 1.8)
    yaml (0.3.0)
    zeitwerk (2.6.17)
    zxcvbn-ruby (1.2.0)

PLATFORMS
  aarch64-linux
  arm-linux
  arm64-darwin
  x86-linux
  x86_64-darwin
  x86_64-linux

DEPENDENCIES
  bcrypt
  brakeman
  bundler-audit
  capybara
  code-ruby
  dorian
  dorian-arguments
  dotenv-rails
  factory_bot_rails
  faker
  heroicon
  importmap-rails!
  irb
  jbuilder
  kamal
  kaminari
  mission_control-jobs!
  net-http
  open-uri
  optparse
  pg
  phonelib
  propshaft
  pry-rescue
  pry-stack_explorer
  puma
  pundit
  rack-attack
  rack-timeout
  rails!
  redis
  rpush
  rspec-rails
  rubocop
  rubocop-rails-omakase
  selenium-webdriver
  sinatra
  slim-rails
  solid_errors!
  solid_queue
  stimulus-rails
  tailwindcss-rails
  timecop
  turbo-rails
  webmock
  zxcvbn-ruby

RUBY VERSION
   ruby 3.3.4p94

BUNDLED WITH
   2.5.17
